GEM
  remote: http://rubygems.org/
  specs:
    archive-tar-minitar (0.5.2)
    childprocess (0.3.2)
      ffi (~> 1.0.6)
    coderay (1.0.9)
    erubis (2.7.0)
    facter (1.6.10)
    ffi (1.0.11)
    i18n (0.6.5)
    json (1.5.5)
    librarian-puppet (0.9.2)
      json
      puppet
      thor (~> 0.15)
    log4r (1.1.10)
    method_source (0.8.1)
    net-scp (1.0.4)
      net-ssh (>= 1.99.1)
    net-ssh (2.2.2)
    pry (0.9.12.2)
      coderay (~> 1.0.5)
      method_source (~> 0.8)
      slop (~> 3.4)
    puppet (2.7.16)
      facter (~> 1.5)
    rake (10.1.0)
    slop (3.4.5)
    thor (0.15.4)
    vagrant (1.0.3)
      archive-tar-minitar (= 0.5.2)
      childprocess (~> 0.3.1)
      erubis (~> 2.7.0)
      i18n (~> 0.6.0)
      json (~> 1.5.1)
      log4r (~> 1.1.9)
      net-scp (~> 1.0.4)
      net-ssh (~> 2.2.2)
    vagrant-wrapper (1.2.1.1)

PLATFORMS
  ruby

DEPENDENCIES
  librarian-puppet (>= 0.9.2)
  pry
  puppet
  rake
  vagrant
  vagrant-wrapper
